PATH
  remote: .
  specs:
    dockrails (1.1.0)
      commander (~> 4.2)
      docker-sync (~> 0.4.6)

GEM
  remote: https://rubygems.org/
  specs:
    backticks (1.0.2)
    coderay (1.1.1)
    commander (4.4.7)
      highline (~> 2.0.0)
    coveralls (0.8.20)
      json (>= 1.8, < 3)
      simplecov (~> 0.14.1)
      term-ansicolor (~> 1.3)
      thor (~> 0.19.4)
      tins (~> 1.6)
    daemons (1.3.1)
    diff-lcs (1.3)
    docile (1.1.5)
    docker-compose (1.1.12)
      backticks (~> 1.0)
    docker-sync (0.4.6)
      daemons (~> 1.2, >= 1.2.3)
      docker-compose (~> 1.0, >= 1.0.2)
      dotenv (~> 2.1, >= 2.1.1)
      gem_update_checker (~> 0.2.0, >= 0.2.0)
      os
      terminal-notifier (= 1.6.3)
      thor (~> 0.19, >= 0.19.0)
    dotenv (2.7.2)
    fakefs (0.11.0)
    gem_update_checker (0.2.0)
    highline (2.0.2)
    json (2.0.4)
    method_source (0.8.2)
    os (1.0.0)
    pry (0.10.4)
      coderay (~> 1.1.0)
      method_source (~> 0.8.1)
      slop (~> 3.4)
    rake (12.0.0)
    rspec (3.5.0)
      rspec-core (~> 3.5.0)
      rspec-expectations (~> 3.5.0)
      rspec-mocks (~> 3.5.0)
    rspec-core (3.5.4)
      rspec-support (~> 3.5.0)
    rspec-expectations (3.5.0)
      diff-lcs (>= 1.2.0, < 2.0)
      rspec-support (~> 3.5.0)
    rspec-mocks (3.5.0)
      diff-lcs (>= 1.2.0, < 2.0)
      rspec-support (~> 3.5.0)
    rspec-support (3.5.0)
    simplecov (0.14.1)
      docile (~> 1.1.0)
      json (>= 1.8, < 3)
      simplecov-html (~> 0.10.0)
    simplecov-html (0.10.0)
    slop (3.6.0)
    term-ansicolor (1.5.0)
      tins (~> 1.0)
    terminal-notifier (1.6.3)
    thor (0.19.4)
    tins (1.13.2)

PLATFORMS
  ruby

DEPENDENCIES
  coveralls
  dockrails!
  fakefs
  pry
  rake
  rspec (~> 3.2)

BUNDLED WITH
   2.0.1
